GEM
  remote: https://rubygems.org/
  specs:
    joybox (1.1.1)
      rake
    rake (10.2.1)

PLATFORMS
  ruby

DEPENDENCIES
  joybox
  rake
